PATH
  remote: .
  specs:
    rautomation (1.1.0)
      ffi (~> 1.15.0)

GEM
  remote: https://rubygems.org/
  specs:
    diff-lcs (1.5.0)
    ffi (1.15.4)
    ffi (1.15.4-x86-mingw32)
    github-markup (3.0.4)
    rake (10.5.0)
    redcarpet (3.5.0)
    rspec (3.11.0)
      rspec-core (~> 3.11.0)
      rspec-expectations (~> 3.11.0)
      rspec-mocks (~> 3.11.0)
    rspec-core (3.11.0)
      rspec-support (~> 3.11.0)
    rspec-expectations (3.11.0)
      diff-lcs (>= 1.2.0, < 2.0)
      rspec-support (~> 3.11.0)
    rspec-mocks (3.11.1)
      diff-lcs (>= 1.2.0, < 2.0)
      rspec-support (~> 3.11.0)
    rspec-support (3.11.0)
    yard (0.9.20)

PLATFORMS
  ruby
  x86-mingw32

DEPENDENCIES
  github-markup (~> 3.0)
  rake (~> 10.5)
  rautomation!
  redcarpet (~> 3.5)
  rspec (~> 3.9)
  yard (~> 0.9)

BUNDLED WITH
   2.3.8
