PATH
  remote: .
  specs:
    rautomation (1.1.0)
      ffi (= 1.9.14)

GEM
  remote: https://rubygems.org/
  specs:
    diff-lcs (1.5.0)
    ffi (1.9.14-x64-mingw32)
    github-markup (3.0.5)
    rake (10.5.0)
    redcarpet (3.5.1)
    rspec (3.11.0)
      rspec-core (~> 3.11.0)
      rspec-expectations (~> 3.11.0)
      rspec-mocks (~> 3.11.0)
    rspec-core (3.11.0)
      rspec-support (~> 3.11.0)
    rspec-expectations (3.11.0)
      diff-lcs (>= 1.2.0, < 2.0)
      rspec-support (~> 3.11.0)
    rspec-mocks (3.11.1)
      diff-lcs (>= 1.2.0, < 2.0)
      rspec-support (~> 3.11.0)
    rspec-support (3.11.0)
    webrick (1.7.0)
    yard (0.9.28)
      webrick (~> 1.7.0)

PLATFORMS
  x64-mingw32

DEPENDENCIES
  github-markup (~> 3.0)
  rake (~> 10.5)
  rautomation!
  redcarpet (~> 3.5)
  rspec (~> 3.9)
  yard (~> 0.9)

BUNDLED WITH
   2.1.4
